PATH
  remote: .
  specs:
    qless-core (0.0.1)

GEM
  remote: https://rubygems.org/
  specs:

PLATFORMS
  ruby

DEPENDENCIES
  qless-core!
